GEM
  remote: http://rubygems.org/
  specs:
    aws-sdk (2.10.31)
      aws-sdk-resources (= 2.10.31)
    aws-sdk-core (2.10.31)
      aws-sigv4 (~> 1.0)
      jmespath (~> 1.0)
    aws-sdk-resources (2.10.31)
      aws-sdk-core (= 2.10.31)
    aws-sigv4 (1.0.0)
    deep_merge (1.1.1)
    hashable (0.1.2)
    jmespath (1.3.1)
    json (2.1.0)
    mustermann (1.0.0)
    pg (0.20.0-x86-mingw32)
    rack (2.0.3)
    rack-protection (2.0.0)
      rack
    sinatra (2.0.0)
      mustermann (~> 1.0)
      rack (~> 2.0)
      rack-protection (= 2.0.0)
      tilt (~> 2.0)
    tilt (2.0.8)

PLATFORMS
  x86-mingw32

DEPENDENCIES
  aws-sdk
  deep_merge
  hashable
  json
  pg
  sinatra

RUBY VERSION
   ruby 2.3.3p222

BUNDLED WITH
   1.14.3
